GEM
  remote: https://rubygems.org/
  specs:
    activesupport (5.1.4)
      concurrent-ruby (~> 1.0, >= 1.0.2)
      i18n (~> 0.7)
      minitest (~> 5.1)
      tzinfo (~> 1.1)
    byebug (9.1.0)
    coderay (1.1.2)
    concurrent-ruby (1.0.5)
    creek (2.0)
      httparty (~> 0.15.5)
      nokogiri (~> 1.7.0)
      rubyzip (>= 1.0.0)
    fastsheet (0.1.0)
    httparty (0.15.6)
      multi_xml (>= 0.5.2)
    i18n (0.8.6)
    method_source (0.9.0)
    mini_portile2 (2.1.0)
    minitest (5.10.3)
    multi_xml (0.6.0)
    nokogiri (1.7.2)
      mini_portile2 (~> 2.1.0)
    ooxl (0.0.1.4.26)
      activesupport
      nokogiri (~> 1)
      rubyzip (~> 1.0, < 2.0.0)
    pry (0.11.1)
      coderay (~> 1.1.0)
      method_source (~> 0.9.0)
    pry-byebug (3.5.0)
      byebug (~> 9.1)
      pry (~> 0.10)
    roo (2.7.1)
      nokogiri (~> 1)
      rubyzip (~> 1.1, < 2.0.0)
    roo-xls (1.1.0)
      nokogiri
      roo (>= 2.0.0beta1, < 3)
      spreadsheet (> 0.9.0)
    ruby-ole (1.2.12.1)
    rubyXL (3.3.26)
      nokogiri (>= 1.4.4)
      rubyzip (>= 1.1.6)
    rubyzip (1.2.1)
    simple-spreadsheet (0.5.0)
      roo (~> 2.4)
      roo-xls (~> 1.0)
    simple_xlsx_reader (1.0.2)
      nokogiri
      rubyzip
    spreadsheet (1.1.4)
      ruby-ole (>= 1.0)
    thread_safe (0.3.6)
    tzinfo (1.2.3)
      thread_safe (~> 0.1)

PLATFORMS
  ruby

DEPENDENCIES
  creek
  fastsheet
  ooxl
  pry-byebug
  roo
  rubyXL
  simple-spreadsheet
  simple_xlsx_reader

BUNDLED WITH
   1.15.4
